GEM
  remote: http://rubygems.org/
  specs:
    addressable (2.2.8)
    backports (2.7.0)
    dm-core (1.2.0)
      addressable (~> 2.2.6)
    eventmachine (1.0.0)
    haml (3.1.7)
    json (1.7.6)
    rack (1.4.4)
    rack-flash3 (1.0.3)
      rack
    rack-protection (1.3.2)
      rack
    rack-test (0.6.2)
      rack (>= 1.0)
    shotgun (0.9)
      rack (>= 1.0)
    sinatra (1.3.3)
      rack (~> 1.3, >= 1.3.6)
      rack-protection (~> 1.2)
      tilt (~> 1.3, >= 1.3.3)
    sinatra-contrib (1.3.2)
      backports (>= 2.0)
      eventmachine
      rack-protection
      rack-test
      sinatra (~> 1.3.0)
      tilt (~> 1.3)
    tilt (1.3.3)

PLATFORMS
  ruby

DEPENDENCIES
  dm-core
  haml
  json
  rack-flash3
  shotgun
  sinatra
  sinatra-contrib
